PATH
  remote: .
  specs:
    hook (0.0.3)

GEM
  remote: http://rubygems.org/
  specs:
    diff-lcs (1.1.3)
    gitdown (0.0.2)
    rspec (2.7.0)
      rspec-core (~> 2.7.0)
      rspec-expectations (~> 2.7.0)
      rspec-mocks (~> 2.7.0)
    rspec-core (2.7.1)
    rspec-expectations (2.7.0)
      diff-lcs (~> 1.1.2)
    rspec-mocks (2.7.0)
    specdown (0.4.0.beta.3)
      gitdown (~> 0.0.2)
      hook (~> 0.0.2)
      term-ansicolor (~> 1.0.7)
    term-ansicolor (1.0.7)

PLATFORMS
  ruby

DEPENDENCIES
  hook!
  rspec
  specdown (~> 0.4.0.beta.3)
